GIT
  remote: https://github.com/intridea/grape.git
  revision: 98a183b262cb2d4bf4b414a65fc9137918c45676
  specs:
    grape (0.2.3)
      activesupport
      hashie (~> 1.2)
      multi_json (>= 1.3.2)
      multi_xml
      rack
      rack-accept
      rack-mount
      virtus

GEM
  remote: https://rubygems.org/
  specs:
    activesupport (3.2.9)
      i18n (~> 0.6)
      multi_json (~> 1.0)
    backports (2.6.5)
    diff-lcs (1.1.3)
    hashie (1.2.0)
    i18n (0.6.1)
    json (1.7.5)
    multi_json (1.3.7)
    multi_xml (0.5.1)
    rack (1.4.1)
    rack-accept (0.4.5)
      rack (>= 0.4)
    rack-mount (0.8.3)
      rack (>= 1.0.0)
    rack-test (0.6.2)
      rack (>= 1.0)
    rake (10.0.1)
    rspec (2.12.0)
      rspec-core (~> 2.12.0)
      rspec-expectations (~> 2.12.0)
      rspec-mocks (~> 2.12.0)
    rspec-core (2.12.0)
    rspec-expectations (2.12.0)
      diff-lcs (~> 1.1.3)
    rspec-mocks (2.12.0)
    state_machine (1.1.2)
    virtus (0.5.2)
      backports (~> 2.6.1)

PLATFORMS
  ruby

DEPENDENCIES
  bundler
  grape!
  json
  rack-test
  rake
  rspec
  state_machine
